GEM
  remote: http://rubygems.org/
  specs:
    bson (1.6.4)
    bson_ext (1.6.4)
      bson (~> 1.6.4)
    builder (3.0.0)
    crack (0.3.1)
    daemons (1.1.8)
    eventmachine (0.12.10)
    fast-stemmer (1.0.1)
    json (1.7.4)
    jwt (0.1.5)
      multi_json (>= 1.0)
    mongo (1.6.4)
      bson (~> 1.6.4)
    multi_json (1.3.6)
    rack (1.4.1)
    rack-protection (1.2.0)
      rack
    sinatra (1.3.2)
      rack (~> 1.3, >= 1.3.6)
      rack-protection (~> 1.2)
      tilt (~> 1.3, >= 1.3.3)
    text (1.2.1)
    thin (1.4.1)
      daemons (>= 1.0.9)
      eventmachine (>= 0.12.6)
      rack (>= 1.0.0)
    tilt (1.3.3)
    twilio-ruby (3.7.1)
      builder (>= 2.1.2)
      jwt (>= 0.1.2)
      multi_json (>= 1.3.0)

PLATFORMS
  ruby

DEPENDENCIES
  bson_ext
  crack
  fast-stemmer
  json
  mongo
  sinatra
  text
  thin
  twilio-ruby
