GEM
  remote: http://rubygems.org/
  specs:
    bson (1.6.4)
    bson_ext (1.6.4)
      bson (~> 1.6.4)
    builder (3.0.0)
    crack (0.3.1)
    daemons (1.1.8)
    eventmachine (0.12.10)
    faker (1.0.1)
      i18n (~> 0.4)
    fast-stemmer (1.0.1)
    i18n (0.6.0)
    json (1.7.4)
    jwt (0.1.5)
      multi_json (>= 1.0)
    mongo (1.6.4)
      bson (~> 1.6.4)
    multi_json (1.3.6)
    mustermann (2.0.2)
      ruby2_keywords (~> 0.0.1)
    psych (1.3.4)
    rack (2.2.4)
    rack-protection (2.2.3)
      rack
    ruby-progressbar (0.11.0)
    ruby2_keywords (0.0.5)
    sinatra (2.2.3)
      mustermann (~> 2.0)
      rack (~> 2.2)
      rack-protection (= 2.2.3)
      tilt (~> 2.0)
    text (1.2.1)
    thin (1.4.1)
      daemons (>= 1.0.9)
      eventmachine (>= 0.12.6)
      rack (>= 1.0.0)
    tilt (2.0.11)
    twilio-ruby (3.7.1)
      builder (>= 2.1.2)
      jwt (>= 0.1.2)
      multi_json (>= 1.3.0)

PLATFORMS
  ruby

DEPENDENCIES
  bson_ext
  crack
  faker
  fast-stemmer
  json
  mongo
  psych
  ruby-progressbar
  sinatra
  text
  thin
  twilio-ruby
